PATH
  remote: .
  specs:
    epp-client-afnic (0.13.1)
      builder (>= 2.1.2)
      epp-client-base (= 0.13.1)
      epp-client-rgp (= 0.13.1)
      epp-client-secdns (= 0.13.1)
      nokogiri (~> 1.4)
    epp-client-base (0.13.1)
      builder (>= 2.1.2)
      nokogiri (~> 1.4)
    epp-client-rgp (0.13.1)
      builder (>= 2.1.2)
      nokogiri (~> 1.4)
    epp-client-secdns (0.13.1)
      builder (>= 2.1.2)
      nokogiri (~> 1.4)
    epp-client-smallregistry (0.13.1)
      builder (>= 2.1.2)
      epp-client-base (= 0.13.1)
      epp-client-secdns (= 0.13.1)
      nokogiri (~> 1.4)

GEM
  remote: http://rubygems.org/
  specs:
    builder (3.2.2)
    mini_portile (0.6.0)
    nokogiri (1.6.3.1)
      mini_portile (= 0.6.0)

PLATFORMS
  ruby

DEPENDENCIES
  bundler (>= 1.0.0)
  epp-client-afnic!
  epp-client-base!
  epp-client-rgp!
  epp-client-secdns!
  epp-client-smallregistry!
